PATH
  remote: .
  specs:
    astute (0.0.1)
      activesupport (= 3.0.10)
      mcollective-client (~> 2.2.4)
      rest-client (~> 1.6.7)
      symboltable (= 1.0.2)

GEM
  remote: https://rubygems.org/
  specs:
    activesupport (3.0.10)
    diff-lcs (1.2.4)
    json (1.8.0)
    mcollective-client (2.2.4)
      json
      stomp
      systemu
    metaclass (0.0.1)
    mime-types (1.23)
    mocha (0.13.3)
      metaclass (~> 0.0.1)
    rest-client (1.6.7)
      mime-types (>= 1.16)
    rspec (2.13.0)
      rspec-core (~> 2.13.0)
      rspec-expectations (~> 2.13.0)
      rspec-mocks (~> 2.13.0)
    rspec-core (2.13.1)
    rspec-expectations (2.13.0)
      diff-lcs (>= 1.1.3, < 2.0)
    rspec-mocks (2.13.1)
    stomp (1.2.11)
    symboltable (1.0.2)
    systemu (2.5.2)

PLATFORMS
  ruby

DEPENDENCIES
  astute!
  mocha (= 0.13.3)
  rspec (= 2.13.0)
